GEM
  remote: https://rubygems.org/
  specs:
    bigdecimal (3.1.8)
    csv (3.3.0)
    httparty (0.22.0)
      csv
      mini_mime (>= 1.0.0)
      multi_xml (>= 0.5.2)
    mini_mime (1.1.5)
    multi_xml (0.7.1)
      bigdecimal (~> 3.1)
    net-protocol (0.2.2)
      timeout
    net-smtp (0.5.0)
      net-protocol
    nokogiri (1.16.7-x86_64-linux)
      racc (~> 1.4)
    racc (1.8.1)
    thor (1.3.2)
    timeout (0.4.1)

PLATFORMS
  x86_64-linux-gnu

DEPENDENCIES
  httparty
  net-smtp
  nokogiri
  thor

BUNDLED WITH
   2.4.20
